GEM
  remote: https://rubygems.org/
  specs:
    benchmark-ips (2.7.2)
    coderay (1.1.1)
    method_source (0.8.2)
    pry (0.10.4)
      coderay (~> 1.1.0)
      method_source (~> 0.8.1)
      slop (~> 3.4)
    ruby-prof (0.16.2)
    slop (3.6.0)

PLATFORMS
  ruby

DEPENDENCIES
  benchmark-ips
  pry
  ruby-prof

BUNDLED WITH
   1.10.5
